GEM
  remote: http://rubygems.org/
  specs:
    addressable (2.3.6)
    buftok (0.2.0)
    dotenv (1.0.2)
    equalizer (0.0.9)
    faraday (0.9.0)
      multipart-post (>= 1.2, < 3)
    http (0.6.3)
      http_parser.rb (~> 0.6.0)
    http_parser.rb (0.6.0)
    json (1.8.1)
    memoizable (0.4.2)
      thread_safe (~> 0.3, >= 0.3.1)
    mime-types (2.4.3)
    mini_portile (0.6.1)
    multi_json (1.10.1)
    multipart-post (2.0.0)
    naught (1.0.0)
    netrc (0.10.2)
    nokogiri (1.6.5)
      mini_portile (~> 0.6.0)
    representable (2.1.3)
      multi_json
      nokogiri
      uber (~> 0.0.7)
    rest-client (1.7.2)
      mime-types (>= 1.16, < 3.0)
      netrc (~> 0.7)
    simple_oauth (0.3.0)
    storify (0.0.14)
      json (>= 1.7.7)
      nokogiri (>= 1.6.0)
      representable (>= 1.7.3)
      rest-client (>= 1.6.7)
    thor (0.19.1)
    thread_safe (0.3.4)
    twitter (5.13.0)
      addressable (~> 2.3)
      buftok (~> 0.2.0)
      equalizer (~> 0.0.9)
      faraday (~> 0.9.0)
      http (~> 0.6.0)
      http_parser.rb (~> 0.6.0)
      json (~> 1.8)
      memoizable (~> 0.4.0)
      naught (~> 1.0)
      simple_oauth (~> 0.3.0)
    uber (0.0.12)

PLATFORMS
  ruby

DEPENDENCIES
  dotenv
  storify
  thor
  twitter (~> 5.13.0)
